PATH
  remote: .
  specs:
    wulin_excel (1.0.0)
      write_xlsx

GEM
  remote: http://rubygems.org/
  specs:
    rubyzip (1.2.2)
    write_xlsx (0.85.6)
      rubyzip (>= 1.0.0)
      zip-zip
    zip-zip (0.3)
      rubyzip (>= 1.0.0)

PLATFORMS
  ruby

DEPENDENCIES
  wulin_excel!

BUNDLED WITH
   2.0.2
